GEM
  remote: https://rubygems.org/
  specs:
    thor (1.0.1)

PLATFORMS
  ruby

DEPENDENCIES
  thor

BUNDLED WITH
   2.0.2
